GEM
  remote: https://rubygems.org/
  specs:
    daemons (1.2.3)
    eventmachine (1.2.0.1)
    file-tail (1.1.1)
      tins (~> 1.0)
    rack (1.6.4)
    rack-protection (1.5.3)
      rack
    sinatra (1.4.7)
      rack (~> 1.5)
      rack-protection (~> 1.4)
      tilt (>= 1.3, < 3)
    sinatra-basic-auth (0.1.0)
      sinatra
    thin (1.6.4)
      daemons (~> 1.0, >= 1.0.9)
      eventmachine (~> 1.0, >= 1.0.4)
      rack (~> 1.0)
    tilt (2.0.2)
    tins (1.10.1)

PLATFORMS
  ruby

DEPENDENCIES
  file-tail
  sinatra
  sinatra-basic-auth
  thin

BUNDLED WITH
   1.11.2
